GEM
  remote: https://rubygems.org/
  specs:
    bson (4.2.1)
    mongo (2.4.1)
      bson (>= 4.2.1, < 5.0.0)

PLATFORMS
  ruby

DEPENDENCIES
  mongo (~> 2.2, >= 2.2.5)

BUNDLED WITH
   1.14.6
