GEM
  remote: https://rubygems.org/
  specs:
    activemodel (5.0.2)
      activesupport (= 5.0.2)
    activesupport (5.0.2)
      concurrent-ruby (~> 1.0, >= 1.0.2)
      i18n (~> 0.7)
      minitest (~> 5.1)
      tzinfo (~> 1.1)
    bson (4.2.1)
    bson_ext (1.5.1)
    concurrent-ruby (1.0.5)
    daemons (1.2.4)
    eventmachine (1.2.3)
    i18n (0.8.1)
    minitest (5.10.1)
    mongo (2.4.1)
      bson (>= 4.2.1, < 5.0.0)
    mongoid (6.0.3)
      activemodel (~> 5.0)
      mongo (~> 2.3)
    rack (1.6.5)
    rack-protection (1.5.3)
      rack
    sinatra (1.4.8)
      rack (~> 1.5)
      rack-protection (~> 1.4)
      tilt (>= 1.3, < 3)
    thin (1.7.0)
      daemons (~> 1.0, >= 1.0.9)
      eventmachine (~> 1.0, >= 1.0.4)
      rack (>= 1, < 3)
    thread_safe (0.3.6)
    tilt (2.0.7)
    tzinfo (1.2.3)
      thread_safe (~> 0.1)

PLATFORMS
  ruby

DEPENDENCIES
  bson_ext
  mongo (~> 2.2, >= 2.2.5)
  mongoid
  sinatra
  thin

BUNDLED WITH
   1.14.6
