GEM
  remote: https://rubygems.org/
  specs:
    bson (4.2.1)
    daemons (1.2.4)
    eventmachine (1.2.3)
    mongo (2.4.1)
      bson (>= 4.2.1, < 5.0.0)
    rack (1.6.5)
    rack-protection (1.5.3)
      rack
    sinatra (1.4.8)
      rack (~> 1.5)
      rack-protection (~> 1.4)
      tilt (>= 1.3, < 3)
    thin (1.7.0)
      daemons (~> 1.0, >= 1.0.9)
      eventmachine (~> 1.0, >= 1.0.4)
      rack (>= 1, < 3)
    tilt (2.0.7)

PLATFORMS
  ruby

DEPENDENCIES
  mongo (~> 2.2, >= 2.2.5)
  sinatra
  thin

BUNDLED WITH
   1.14.6
